PATH
  remote: .
  specs:
    naturally (1.0.4)

GEM
  remote: https://rubygems.org/
  specs:
    diff-lcs (1.2.4)
    rake (10.1.1)
    rspec (2.14.1)
      rspec-core (~> 2.14.0)
      rspec-expectations (~> 2.14.0)
      rspec-mocks (~> 2.14.0)
    rspec-core (2.14.7)
    rspec-expectations (2.14.4)
      diff-lcs (>= 1.1.3, < 2.0)
    rspec-mocks (2.14.4)

PLATFORMS
  ruby

DEPENDENCIES
  naturally!
  rake (~> 10.0)
  rspec (~> 2.0)
